PATH
  remote: .
  specs:
    pomoengine (0.1.0)
      aws-sdk-dynamodb
      dotenv
      eventmachine
      mqtt
      thor

GEM
  remote: https://rubygems.org/
  specs:
    aws-partitions (1.55.0)
    aws-sdk-core (3.14.0)
      aws-partitions (~> 1.0)
      aws-sigv4 (~> 1.0)
      jmespath (~> 1.0)
    aws-sdk-dynamodb (1.3.0)
      aws-sdk-core (~> 3)
      aws-sigv4 (~> 1.0)
    aws-sigv4 (1.0.2)
    diff-lcs (1.3)
    dotenv (2.2.1)
    eventmachine (1.2.5)
    jmespath (1.3.1)
    mqtt (0.5.0)
    rake (10.5.0)
    rspec (3.7.0)
      rspec-core (~> 3.7.0)
      rspec-expectations (~> 3.7.0)
      rspec-mocks (~> 3.7.0)
    rspec-core (3.7.0)
      rspec-support (~> 3.7.0)
    rspec-expectations (3.7.0)
      diff-lcs (>= 1.2.0, < 2.0)
      rspec-support (~> 3.7.0)
    rspec-mocks (3.7.0)
      diff-lcs (>= 1.2.0, < 2.0)
      rspec-support (~> 3.7.0)
    rspec-support (3.7.0)
    thor (0.20.0)

PLATFORMS
  ruby

DEPENDENCIES
  bundler (~> 1.16)
  pomoengine!
  rake (~> 10.0)
  rspec (~> 3.0)

BUNDLED WITH
   1.16.0
